GEM
  remote: https://rubygems.org/
  specs:
    celluloid (0.14.0)
      timers (>= 1.0.0)
    celluloid-io (0.14.0)
      celluloid (>= 0.13.0)
      nio4r (>= 0.4.5)
    diff-lcs (1.2.4)
    eventmachine (1.0.3)
    flexmock (1.3.2)
    json (1.8.0)
    macaddr (1.6.1)
      systemu (~> 2.5.0)
    nio4r (0.4.5)
    rspec (2.13.0)
      rspec-core (~> 2.13.0)
      rspec-expectations (~> 2.13.0)
      rspec-mocks (~> 2.13.0)
    rspec-core (2.13.1)
    rspec-expectations (2.13.0)
      diff-lcs (>= 1.1.3, < 2.0)
    rspec-given (1.6.0)
      rspec (> 1.2.8)
    rspec-mocks (2.13.1)
    systemu (2.5.2)
    timecop (0.6.1)
    timers (1.1.0)
    uuid (2.3.7)
      macaddr (~> 1.0)

PLATFORMS
  ruby

DEPENDENCIES
  celluloid
  celluloid-io
  eventmachine
  flexmock (> 0.9)
  json
  rspec (~> 2.0)
  rspec-given (~> 1.0)
  timecop
  uuid
