GEM
  remote: http://rubygems.org/
  specs:
    celluloid (0.12.4)
      facter (>= 1.6.12)
      timers (>= 1.0.0)
    celluloid-io (0.12.1)
      celluloid (~> 0.12.0)
      nio4r (>= 0.4.0)
    diff-lcs (1.1.2)
    eventmachine (0.12.10)
    eventmachine (0.12.10-java)
    facter (1.6.17)
    flexmock (1.3.0)
    gimme (0.1.7)
    json (1.4.6)
    json (1.4.6-java)
    macaddr (1.0.0)
    nio4r (0.4.3)
    nio4r (0.4.3-java)
    rspec (2.5.0)
      rspec-core (~> 2.5.0)
      rspec-expectations (~> 2.5.0)
      rspec-mocks (~> 2.5.0)
    rspec-core (2.5.1)
    rspec-expectations (2.5.0)
      diff-lcs (~> 1.1.2)
    rspec-given (1.3.1)
      rspec (~> 2.0)
    rspec-mocks (2.5.0)
    timecop (0.3.5)
    timers (1.1.0)
    uuid (2.3.1)
      macaddr (~> 1.0)

PLATFORMS
  java
  ruby

DEPENDENCIES
  celluloid
  celluloid-io
  eventmachine (~> 0.12)
  flexmock (> 0.9)
  gimme (~> 0.1.7)
  json (~> 1.4.6)
  rspec (~> 2.0)
  rspec-given (~> 1.0)
  timecop (~> 0.3.5)
  uuid (~> 2.3)
